GEM
  remote: http://rubygems.org/
  specs:
    countdown (0.1.0)
      json
    json (1.6.3)
    rack (1.3.5)
    rack-protection (1.1.4)
      rack
    sinatra (1.3.1)
      rack (~> 1.3, >= 1.3.4)
      rack-protection (~> 1.1, >= 1.1.2)
      tilt (~> 1.3, >= 1.3.3)
    sinatra-content-for (0.2)
      sinatra
    tilt (1.3.3)

PLATFORMS
  ruby

DEPENDENCIES
  countdown
  sinatra
  sinatra-content-for
