GEM
  remote: http://rubygems.org/
  specs:
    countdown (0.1.0)
      json
    daemons (1.1.8)
    eventmachine (0.12.10)
    json (1.6.3)
    rack (1.3.5)
    rack-protection (1.1.4)
      rack
    sinatra (1.3.1)
      rack (~> 1.3, >= 1.3.4)
      rack-protection (~> 1.1, >= 1.1.2)
      tilt (~> 1.3, >= 1.3.3)
    sinatra-content-for (0.2)
      sinatra
    thin (1.2.7)
      daemons (>= 1.0.9)
      eventmachine (>= 0.12.6)
      rack (>= 1.0.0)
    tilt (1.3.3)

PLATFORMS
  ruby

DEPENDENCIES
  countdown
  sinatra
  sinatra-content-for
  thin (= 1.2.7)
